GEM
  remote: https://rubygems.org/
  specs:
    atk (3.1.1)
      glib2 (= 3.1.1)
    cairo (1.15.5)
      pkg-config (>= 1.1.5)
    coderay (1.1.1)
    faraday (0.11.0)
      multipart-post (>= 1.2, < 3)
    gdk_pixbuf2 (3.1.1)
      gio2 (= 3.1.1)
    gettext (3.2.2)
      locale (>= 2.0.5)
      text (>= 1.3.0)
    gio2 (3.1.1)
      glib2 (= 3.1.1)
      gobject-introspection (= 3.1.1)
    glib2 (3.1.1)
      pkg-config
    gobject-introspection (3.1.1)
      glib2 (= 3.1.1)
    gtk2 (3.1.1)
      atk (= 3.1.1)
      gdk_pixbuf2 (= 3.1.1)
      pango (= 3.1.1)
    hikidoc (0.1.0)
    kramdown (1.13.2)
    locale (2.1.2)
    mini_portile2 (2.1.0)
    multipart-post (2.0.0)
    nokogiri (1.7.0.1)
      mini_portile2 (~> 2.1.0)
    pango (3.1.1)
      cairo (>= 1.14.0)
      glib2 (= 3.1.1)
    pkg-config (1.1.7)
    poppler (3.1.1)
      cairo (>= 1.14.0)
      gdk_pixbuf2 (= 3.1.1)
    rabbit (2.2.0)
      coderay (>= 1.0.0)
      faraday
      gdk_pixbuf2 (>= 3.0.9)
      gettext (>= 3.0.1)
      gio2
      gtk2
      hikidoc
      kramdown
      nokogiri
      poppler
      rdtool
      rsvg2
      rttool
    rdtool (0.6.38)
    rsvg2 (3.1.1)
      cairo (>= 1.12.8)
      gdk_pixbuf2 (= 3.1.1)
    rttool (1.0.3.0)
    text (1.3.1)

PLATFORMS
  ruby

DEPENDENCIES
  rabbit

BUNDLED WITH
   1.14.4
